GEM
  remote: http://rubygems.org/
  specs:
    allure-cucumber (2.13.4)
      allure-ruby-commons (= 2.13.4)
      cucumber (~> 3.1)
    allure-ruby-commons (2.13.4)
      json (>= 1.8, < 3)
      mime-types (~> 3.3)
      require_all (>= 2, < 4)
      uuid (~> 2.3)
    appium_lib (10.5.0)
      appium_lib_core (~> 3.3)
      nokogiri (~> 1.8, >= 1.8.1)
      tomlrb (~> 1.1)
    appium_lib_core (3.5.0)
      faye-websocket (~> 0.10.0)
      selenium-webdriver (~> 3.14, >= 3.14.1)
    backports (3.17.1)
    builder (3.2.4)
    byebug (11.1.2)
    childprocess (3.0.0)
    concurrent-ruby (1.1.6)
    cucumber (3.1.2)
      builder (>= 2.1.2)
      cucumber-core (~> 3.2.0)
      cucumber-expressions (~> 6.0.1)
      cucumber-wire (~> 0.0.1)
      diff-lcs (~> 1.3)
      gherkin (~> 5.1.0)
      multi_json (>= 1.7.5, < 2.0)
      multi_test (>= 0.1.2)
    cucumber-core (3.2.1)
      backports (>= 3.8.0)
      cucumber-tag_expressions (~> 1.1.0)
      gherkin (~> 5.0)
    cucumber-expressions (6.0.1)
    cucumber-tag_expressions (1.1.1)
    cucumber-wire (0.0.1)
    diff-lcs (1.3)
    eventmachine (1.2.7)
    faker (2.11.0)
      i18n (>= 1.6, < 2)
    faye-websocket (0.10.9)
      eventmachine (>= 0.12.0)
      websocket-driver (>= 0.5.1)
    ffaker (2.14.0)
    gherkin (5.1.0)
    i18n (1.8.2)
      concurrent-ruby (~> 1.0)
    json (2.3.0)
    macaddr (1.7.2)
      systemu (~> 2.6.5)
    mime-types (3.3.1)
      mime-types-data (~> 3.2015)
    mime-types-data (3.2019.1009)
    mini_portile2 (2.4.0)
    multi_json (1.14.1)
    multi_test (0.1.2)
    nokogiri (1.10.9)
      mini_portile2 (~> 2.4.0)
    require_all (3.0.0)
    rspec (3.9.0)
      rspec-core (~> 3.9.0)
      rspec-expectations (~> 3.9.0)
      rspec-mocks (~> 3.9.0)
    rspec-core (3.9.1)
      rspec-support (~> 3.9.1)
    rspec-expectations (3.9.1)
      diff-lcs (>= 1.2.0, < 2.0)
      rspec-support (~> 3.9.0)
    rspec-mocks (3.9.1)
      diff-lcs (>= 1.2.0, < 2.0)
      rspec-support (~> 3.9.0)
    rspec-support (3.9.2)
    rubyzip (2.3.0)
    selenium-webdriver (3.142.7)
      childprocess (>= 0.5, < 4.0)
      rubyzip (>= 1.2.2)
    systemu (2.6.5)
    tomlrb (1.3.0)
    uuid (2.3.9)
      macaddr (~> 1.0)
    websocket-driver (0.7.1)
      websocket-extensions (>= 0.1.0)
    websocket-extensions (0.1.5)

PLATFORMS
  ruby

DEPENDENCIES
  allure-cucumber
  appium_lib (~> 10.5.0)
  appium_lib_core (~> 3.5.0)
  byebug
  cucumber
  faker
  ffaker
  rspec
  selenium-webdriver

BUNDLED WITH
   2.1.4
